GEM
  remote: http://rubygems.org/
  specs:
    capistrano (2.9.0)
      highline
      net-scp (>= 1.0.0)
      net-sftp (>= 2.0.0)
      net-ssh (>= 2.0.14)
      net-ssh-gateway (>= 1.1.0)
    diff-lcs (1.1.3)
    fakeweb (1.3.0)
    highline (1.6.8)
    httparty (0.8.1)
      multi_json
      multi_xml
    json (1.6.0)
    kgio (2.6.0)
    multi_json (1.0.3)
    multi_xml (0.4.1)
    net-scp (1.0.4)
      net-ssh (>= 1.99.1)
    net-sftp (2.0.5)
      net-ssh (>= 2.0.9)
    net-ssh (2.2.1)
    net-ssh-gateway (1.1.0)
      net-ssh (>= 1.99.1)
    nokogiri (1.5.0)
    rack (1.3.0)
    raindrops (0.8.0)
    rspec (2.7.0)
      rspec-core (~> 2.7.0)
      rspec-expectations (~> 2.7.0)
      rspec-mocks (~> 2.7.0)
    rspec-core (2.7.1)
    rspec-expectations (2.7.0)
      diff-lcs (~> 1.1.2)
    rspec-mocks (2.7.0)
    sinatra (1.2.6)
      rack (~> 1.1)
      tilt (>= 1.2.2, < 2.0)
    tilt (1.3.2)
    unicorn (4.1.1)
      kgio (~> 2.4)
      rack
      raindrops (~> 0.6)
    vcr (1.11.3)

PLATFORMS
  ruby

DEPENDENCIES
  capistrano
  fakeweb
  httparty
  json
  nokogiri
  rspec
  sinatra
  unicorn
  vcr
