GEM
  remote: http://rubygems.org/
  specs:
    columnize (0.3.2)
    diff-lcs (1.1.3)
    fakeweb (1.3.0)
    httparty (0.8.1)
      multi_json
      multi_xml
    json (1.6.0)
    linecache (0.43)
    multi_json (1.0.3)
    multi_xml (0.4.1)
    nokogiri (1.5.0)
    rack (1.3.0)
    rspec (2.7.0)
      rspec-core (~> 2.7.0)
      rspec-expectations (~> 2.7.0)
      rspec-mocks (~> 2.7.0)
    rspec-core (2.7.1)
    rspec-expectations (2.7.0)
      diff-lcs (~> 1.1.2)
    rspec-mocks (2.7.0)
    ruby-debug (0.10.4)
      columnize (>= 0.1)
      ruby-debug-base (~> 0.10.4.0)
    ruby-debug-base (0.10.4)
      linecache (>= 0.3)
    sinatra (1.2.6)
      rack (~> 1.1)
      tilt (< 2.0, >= 1.2.2)
    tilt (1.3.2)
    vcr (1.11.3)

PLATFORMS
  ruby

DEPENDENCIES
  fakeweb
  httparty
  json
  nokogiri
  rspec
  ruby-debug
  sinatra
  vcr
